GEM
  remote: https://rubygems.org/
  specs:
    atk (3.3.6)
      glib2 (= 3.3.6)
    cairo (1.16.4)
      native-package-installer (>= 1.0.3)
      pkg-config (>= 1.2.2)
    cairo-gobject (3.3.6)
      cairo (>= 1.16.2)
      glib2 (= 3.3.6)
    gdk3 (3.3.6)
      cairo-gobject (= 3.3.6)
      gdk_pixbuf2 (= 3.3.6)
      pango (= 3.3.6)
    gdk_pixbuf2 (3.3.6)
      gio2 (= 3.3.6)
    gio2 (3.3.6)
      gobject-introspection (= 3.3.6)
    glib2 (3.3.6)
      native-package-installer (>= 1.0.3)
      pkg-config (>= 1.3.5)
    gobject-introspection (3.3.6)
      glib2 (= 3.3.6)
    gtk3 (3.3.6)
      atk (= 3.3.6)
      gdk3 (= 3.3.6)
      gdk_pixbuf2 (= 3.3.6)
      gio2 (= 3.3.6)
      pango (= 3.3.6)
    native-package-installer (1.0.7)
    pango (3.3.6)
      cairo-gobject (= 3.3.6)
      gobject-introspection (= 3.3.6)
    pkg-config (1.3.7)
    rake (12.3.2)
    rexml (3.2.0)
    sqlite3 (1.4.0)

PLATFORMS
  ruby

DEPENDENCIES
  gtk3!
  rake!
  rexml!
  sqlite3!

BUNDLED WITH
   2.0.1
